PATH
  remote: .
  specs:
    rulebook (0.5.0)
      meta_tools (= 0.2.3)

GEM
  remote: http://rubygems.org/
  specs:
    diff-lcs (1.1.2)
    meta_tools (0.2.3)
    mocha (0.9.12)
    rake (0.9.2)
    riot (0.12.4)
      rr
    rr (1.0.2)
    rspec (2.6.0)
      rspec-core (~> 2.6.0)
      rspec-expectations (~> 2.6.0)
      rspec-mocks (~> 2.6.0)
    rspec-core (2.6.4)
    rspec-expectations (2.6.0)
      diff-lcs (~> 1.1.2)
    rspec-mocks (2.6.0)
    shoulda (2.11.3)

PLATFORMS
  ruby
  x86-mingw32

DEPENDENCIES
  mocha (= 0.9.12)
  rake (= 0.9.2)
  riot (= 0.12.4)
  rspec (= 2.6.0)
  rulebook!
  shoulda (= 2.11.3)
