PATH
  remote: .
  specs:
    rulebook (0.4.1)
      meta_tools (= 0.2.1)

GEM
  remote: http://rubygems.org/
  specs:
    meta_tools (0.2.1)
    rake (0.9.2)
    riot (0.12.4)
      rr
    rr (1.0.2)

PLATFORMS
  ruby
  x86-mingw32

DEPENDENCIES
  rake (= 0.9.2)
  riot (= 0.12.4)
  rulebook!
