GEM
  specs:
    meta_tools (0.1.0)
    rake (0.8.7)
    riot (0.12.3)
      rr
    rr (1.0.2)

PLATFORMS
  x86-mingw32

DEPENDENCIES
  meta_tools
  rake
  riot
